GEM
  remote: http://rubygems.org/
  specs:
    addressable (2.2.8)
    coderay (1.0.6)
    crack (0.3.1)
    daemon-spawn (0.4.2)
    diff-lcs (1.1.3)
    faraday (0.6.1)
      addressable (~> 2.2.4)
      multipart-post (~> 1.1.0)
      rack (>= 1.1.0, < 2)
    faraday_middleware (0.6.5)
      faraday (~> 0.6.0)
    hashie (1.0.0)
    metaclass (0.0.1)
    method_source (0.7.1)
    mocha (0.12.3)
      metaclass (~> 0.0.1)
    multi_json (1.0.4)
    multi_xml (0.2.2)
    multipart-post (1.1.5)
    pry (0.9.9.6)
      coderay (~> 1.0.5)
      method_source (~> 0.7.1)
      slop (>= 2.4.4, < 3)
    rack (1.4.1)
    rake (0.9.2.2)
    reditor (0.0.4)
      thor (>= 0.15.4)
    rspec (2.11.0)
      rspec-core (~> 2.11.0)
      rspec-expectations (~> 2.11.0)
      rspec-mocks (~> 2.11.0)
    rspec-core (2.11.1)
    rspec-expectations (2.11.2)
      diff-lcs (~> 1.1.3)
    rspec-mocks (2.11.2)
    simple_oauth (0.1.9)
    slop (2.4.4)
    thor (0.16.0)
    webmock (1.8.9)
      addressable (>= 2.2.7)
      crack (>= 0.1.7)
    yammer (0.1.2)
      faraday (~> 0.6.1)
      faraday_middleware (~> 0.6.3)
      hashie (~> 1.0.0)
      multi_json (~> 1.0.0)
      multi_xml (~> 0.2.0)
      simple_oauth (~> 0.1.5)

PLATFORMS
  ruby

DEPENDENCIES
  daemon-spawn
  mocha
  pry
  rake
  reditor
  rspec
  webmock
  yammer
